PATH
  remote: .
  specs:
    graphql-fancy_loader (0.1.0)
      activesupport
      graphql (>= 1.3, < 2)
      graphql-batch (>= 0.4.3, < 1)
      oj

GEM
  remote: https://rubygems.org/
  specs:
    activesupport (6.0.3.4)
      concurrent-ruby (~> 1.0, >= 1.0.2)
      i18n (>= 0.7, < 2)
      minitest (~> 5.1)
      tzinfo (~> 1.1)
      zeitwerk (~> 2.2, >= 2.2.2)
    byebug (11.1.3)
    coderay (1.1.3)
    concurrent-ruby (1.1.7)
    diff-lcs (1.4.4)
    docile (1.4.0)
    graphql (1.12.16)
    graphql-batch (0.4.3)
      graphql (>= 1.3, < 2)
      promise.rb (~> 0.7.2)
    i18n (1.8.5)
      concurrent-ruby (~> 1.0)
    method_source (1.0.0)
    minitest (5.14.2)
    oj (3.7.6)
    promise.rb (0.7.4)
    pry (0.13.1)
      coderay (~> 1.1)
      method_source (~> 1.0)
    pry-byebug (3.9.0)
      byebug (~> 11.0)
      pry (~> 0.13.0)
    rake (13.0.6)
    rspec (3.10.0)
      rspec-core (~> 3.10.0)
      rspec-expectations (~> 3.10.0)
      rspec-mocks (~> 3.10.0)
    rspec-core (3.10.1)
      rspec-support (~> 3.10.0)
    rspec-expectations (3.10.1)
      diff-lcs (>= 1.2.0, < 2.0)
      rspec-support (~> 3.10.0)
    rspec-mocks (3.10.2)
      diff-lcs (>= 1.2.0, < 2.0)
      rspec-support (~> 3.10.0)
    rspec-support (3.10.2)
    simplecov (0.21.2)
      docile (~> 1.1)
      simplecov-html (~> 0.11)
      simplecov_json_formatter (~> 0.1)
    simplecov-html (0.12.3)
    simplecov_json_formatter (0.1.3)
    thread_safe (0.3.6)
    timecop (0.9.4)
    tzinfo (1.2.8)
      thread_safe (~> 0.1)
    zeitwerk (2.4.1)

PLATFORMS
  ruby

DEPENDENCIES
  bundler (~> 2.0)
  graphql-fancy_loader!
  pry-byebug
  rake (>= 12.3.3)
  rspec (~> 3.0)
  simplecov (~> 0.17)
  timecop (~> 0.9)

BUNDLED WITH
   2.1.4
